GEM
  remote: https://rubygems.org/
  specs:
    byebug (11.1.3)
    os (1.1.1)
    parseconfig (1.1.0)

PLATFORMS
  x86_64-darwin-20

DEPENDENCIES
  byebug (~> 11.1)
  os (~> 1.1)
  parseconfig (~> 1.1)

BUNDLED WITH
   2.2.15
